GEM
  remote: https://rubygems.org/
  specs:
    actionmailer (4.2.7)
      actionpack (= 4.2.7)
      actionview (= 4.2.7)
      activejob (= 4.2.7)
      mail (~> 2.5, >= 2.5.4)
      rails-dom-testing (~> 1.0, >= 1.0.5)
    actionpack (4.2.7)
      actionview (= 4.2.7)
      activesupport (= 4.2.7)
      rack (~> 1.6)
      rack-test (~> 0.6.2)
      rails-dom-testing (~> 1.0, >= 1.0.5)
      rails-html-sanitizer (~> 1.0, >= 1.0.2)
    actionview (4.2.7)
      activesupport (= 4.2.7)
      builder (~> 3.1)
      erubis (~> 2.7.0)
      rails-dom-testing (~> 1.0, >= 1.0.5)
      rails-html-sanitizer (~> 1.0, >= 1.0.2)
    activejob (4.2.7)
      activesupport (= 4.2.7)
      globalid (>= 0.3.0)
    activemodel (4.2.7)
      activesupport (= 4.2.7)
      builder (~> 3.1)
    activerecord (4.2.7)
      activemodel (= 4.2.7)
      activesupport (= 4.2.7)
      arel (~> 6.0)
    activesupport (4.2.7)
      i18n (~> 0.7)
      json (~> 1.7, >= 1.7.7)
      minitest (~> 5.1)
      thread_safe (~> 0.3, >= 0.3.4)
      tzinfo (~> 1.1)
    addressable (2.4.0)
    arel (6.0.3)
    bcrypt (3.1.11)
    benchmark-ips (2.6.1)
    better_errors (2.1.1)
      coderay (>= 1.0.0)
      erubis (>= 2.6.6)
      rack (>= 0.9.0)
    binding_of_caller (0.7.2)
      debug_inspector (>= 0.0.1)
    builder (3.2.2)
    capybara (2.6.2)
      addressable
      mime-types (>= 1.16)
      nokogiri (>= 1.3.3)
      rack (>= 1.0.0)
      rack-test (>= 0.5.4)
      xpath (~> 2.0)
    cliver (0.3.2)
    coderay (1.1.1)
    coffee-rails (4.1.1)
      coffee-script (>= 2.2.0)
      railties (>= 4.0.0, < 5.1.x)
    coffee-script (2.4.1)
      coffee-script-source
      execjs
    coffee-script-source (1.10.0)
    commonjs (0.2.7)
    concurrent-ruby (1.0.2)
    crack (0.4.3)
      safe_yaml (~> 1.0.0)
    css_parser (1.4.2)
      addressable
    database_cleaner (1.5.3)
    debug_inspector (0.0.2)
    derailed (0.1.0)
      derailed_benchmarks
    derailed_benchmarks (1.3.1)
      benchmark-ips (~> 2)
      get_process_mem (~> 0)
      heapy (~> 0)
      memory_profiler (~> 0)
      rack (>= 1)
      rake (> 10, < 12)
      thor (~> 0.19)
    descendants_tracker (0.0.4)
      thread_safe (~> 0.3, >= 0.3.1)
    devise (3.5.10)
      bcrypt (~> 3.0)
      orm_adapter (~> 0.1)
      railties (>= 3.2.6, < 5)
      responders
      thread_safe (~> 0.1)
      warden (~> 1.2.3)
    diff-lcs (1.2.5)
    erubis (2.7.0)
    execjs (2.7.0)
    factory_girl (4.5.0)
      activesupport (>= 3.0.0)
    factory_girl_rails (4.6.0)
      factory_girl (~> 4.5.0)
      railties (>= 3.0.0)
    faraday (0.9.2)
      multipart-post (>= 1.2, < 3)
    figaro (0.7.0)
      bundler (~> 1.0)
      rails (>= 3, < 5)
    font-awesome-rails (4.5.0.1)
      railties (>= 3.2, < 5.1)
    get_process_mem (0.2.1)
    github_api (0.13.1)
      addressable (~> 2.4.0)
      descendants_tracker (~> 0.0.4)
      faraday (~> 0.8, < 0.10)
      hashie (>= 3.4)
      multi_json (>= 1.7.5, < 2.0)
      oauth2
    globalid (0.3.6)
      activesupport (>= 4.1.0)
    google-api-client (0.9.9)
      addressable (~> 2.3)
      googleauth (~> 0.5)
      httpclient (~> 2.7)
      hurley (~> 0.1)
      memoist (~> 0.11)
      mime-types (>= 1.6)
      representable (~> 2.3.0)
      retriable (~> 2.0)
      thor (~> 0.19)
    googleauth (0.5.1)
      faraday (~> 0.9)
      jwt (~> 1.4)
      logging (~> 2.0)
      memoist (~> 0.12)
      multi_json (~> 1.11)
      os (~> 0.9)
      signet (~> 0.7)
    hashdiff (0.3.0)
    hashie (3.4.4)
    heapy (0.1.2)
    htmlentities (4.3.4)
    httpclient (2.8.0)
    hurley (0.2)
    i18n (0.7.0)
    jquery-rails (4.1.1)
      rails-dom-testing (>= 1, < 3)
      railties (>= 4.2.0)
      thor (>= 0.14, < 2.0)
    json (1.8.3)
    jwt (1.5.1)
    launchy (2.4.3)
      addressable (~> 2.3)
    less (2.6.0)
      commonjs (~> 0.2.7)
    less-rails (2.7.1)
      actionpack (>= 4.0)
      less (~> 2.6.0)
      sprockets (> 2, < 4)
      tilt
    letter_opener (1.4.1)
      launchy (~> 2.2)
    libv8 (3.16.14.15)
    little-plugger (1.1.4)
    logging (2.1.0)
      little-plugger (~> 1.1)
      multi_json (~> 1.10)
    loofah (2.0.3)
      nokogiri (>= 1.5.9)
    mail (2.6.4)
      mime-types (>= 1.16, < 4)
    memoist (0.14.0)
    memory_profiler (0.9.6)
    mime-types (3.1)
      mime-types-data (~> 3.2015)
    mime-types-data (3.2016.0521)
    mini_portile2 (2.1.0)
    minitest (5.9.0)
    multi_json (1.12.1)
    multi_xml (0.5.5)
    multipart-post (2.0.0)
    newrelic_rpm (3.15.0.314)
    nokogiri (1.6.8)
      mini_portile2 (~> 2.1.0)
      pkg-config (~> 1.1.7)
    oauth2 (1.1.0)
      faraday (>= 0.8, < 0.10)
      jwt (~> 1.0, < 1.5.2)
      multi_json (~> 1.3)
      multi_xml (~> 0.5)
      rack (>= 1.2, < 3)
    octokit (4.3.0)
      sawyer (~> 0.7.0, >= 0.5.3)
    omniauth (1.3.1)
      hashie (>= 1.2, < 4)
      rack (>= 1.0, < 3)
    omniauth-github (1.1.2)
      omniauth (~> 1.0)
      omniauth-oauth2 (~> 1.1)
    omniauth-oauth2 (1.4.0)
      oauth2 (~> 1.0)
      omniauth (~> 1.2)
    orm_adapter (0.5.0)
    os (0.9.6)
    pg (0.18.4)
    phantomjs (2.1.1.0)
    pkg-config (1.1.7)
    poltergeist (1.9.0)
      capybara (~> 2.1)
      cliver (~> 0.3.1)
      multi_json (~> 1.0)
      websocket-driver (>= 0.2.0)
    premailer (1.8.6)
      css_parser (>= 1.3.6)
      htmlentities (>= 4.0.0)
    premailer-rails (1.9.3)
      actionmailer (>= 3, < 6)
      premailer (~> 1.7, >= 1.7.9)
    puma (2.16.0)
    quiet_assets (1.1.0)
      railties (>= 3.1, < 5.0)
    rack (1.6.4)
    rack-test (0.6.3)
      rack (>= 1.0)
    rack-timeout (0.3.2)
    rails (4.2.7)
      actionmailer (= 4.2.7)
      actionpack (= 4.2.7)
      actionview (= 4.2.7)
      activejob (= 4.2.7)
      activemodel (= 4.2.7)
      activerecord (= 4.2.7)
      activesupport (= 4.2.7)
      bundler (>= 1.3.0, < 2.0)
      railties (= 4.2.7)
      sprockets-rails
    rails-deprecated_sanitizer (1.0.3)
      activesupport (>= 4.2.0.alpha)
    rails-dom-testing (1.0.7)
      activesupport (>= 4.2.0.beta, < 5.0)
      nokogiri (~> 1.6.0)
      rails-deprecated_sanitizer (>= 1.0.1)
    rails-html-sanitizer (1.0.3)
      loofah (~> 2.0)
    rails_12factor (0.0.3)
      rails_serve_static_assets
      rails_stdout_logging
    rails_serve_static_assets (0.0.5)
    rails_stdout_logging (0.0.5)
    railties (4.2.7)
      actionpack (= 4.2.7)
      activesupport (= 4.2.7)
      rake (>= 0.8.7)
      thor (>= 0.18.1, < 2.0)
    rake (11.2.2)
    redcarpet (3.3.4)
    ref (2.0.0)
    representable (2.3.0)
      uber (~> 0.0.7)
    responders (2.2.0)
      railties (>= 4.2.0, < 5.1)
    retriable (2.1.0)
    rspec-core (3.4.4)
      rspec-support (~> 3.4.0)
    rspec-expectations (3.4.0)
      diff-lcs (>= 1.2.0, < 2.0)
      rspec-support (~> 3.4.0)
    rspec-mocks (3.4.1)
      diff-lcs (>= 1.2.0, < 2.0)
      rspec-support (~> 3.4.0)
    rspec-rails (3.4.2)
      actionpack (>= 3.0, < 4.3)
      activesupport (>= 3.0, < 4.3)
      railties (>= 3.0, < 4.3)
      rspec-core (~> 3.4.0)
      rspec-expectations (~> 3.4.0)
      rspec-mocks (~> 3.4.0)
      rspec-support (~> 3.4.0)
    rspec-support (3.4.1)
    safe_yaml (1.0.4)
    sass (3.4.22)
    sass-rails (5.0.4)
      railties (>= 4.0.0, < 5.0)
      sass (~> 3.1)
      sprockets (>= 2.8, < 4.0)
      sprockets-rails (>= 2.0, < 4.0)
      tilt (>= 1.1, < 3)
    sawyer (0.7.0)
      addressable (>= 2.3.5, < 2.5)
      faraday (~> 0.8, < 0.10)
    shortener (0.5.5)
      rails (>= 3.0.7)
    shoulda-matchers (3.1.1)
      activesupport (>= 4.0.0)
    signet (0.7.3)
      addressable (~> 2.3)
      faraday (~> 0.9)
      jwt (~> 1.5)
      multi_json (~> 1.10)
    simple_form (3.2.1)
      actionpack (> 4, < 5.1)
      activemodel (> 4, < 5.1)
    sprockets (3.6.3)
      concurrent-ruby (~> 1.0)
      rack (> 1, < 3)
    sprockets-rails (3.1.1)
      actionpack (>= 4.0)
      activesupport (>= 4.0)
      sprockets (>= 3.0.0)
    therubyracer (0.12.2)
      libv8 (~> 3.16.14.0)
      ref
    thor (0.19.1)
    thread_safe (0.3.5)
    tilt (2.0.5)
    twitter-bootstrap-rails (3.2.2)
      actionpack (>= 3.1)
      execjs (>= 2.2.2, >= 2.2)
      less-rails (>= 2.5.0)
      railties (>= 3.1)
    tzinfo (1.2.2)
      thread_safe (~> 0.1)
    uber (0.0.15)
    uglifier (3.0.0)
      execjs (>= 0.3.0, < 3)
    vcr (3.0.3)
    warden (1.2.6)
      rack (>= 1.0)
    web-console (3.3.0)
      activemodel (>= 4.2)
      debug_inspector
      railties (>= 4.2)
    webmock (2.1.0)
      addressable (>= 2.3.6)
      crack (>= 0.3.2)
      hashdiff
    websocket-driver (0.6.4)
      websocket-extensions (>= 0.1.0)
    websocket-extensions (0.1.2)
    will_paginate (3.1.0)
    xpath (2.0.0)
      nokogiri (~> 1.3)

PLATFORMS
  ruby

DEPENDENCIES
  better_errors (~> 2.1.1)
  binding_of_caller (~> 0.7.2)
  capybara (~> 2.6.2)
  coffee-rails (~> 4.1.1)
  database_cleaner (~> 1.5.1)
  derailed
  devise (~> 3.5.6)
  factory_girl_rails (~> 4.6.0)
  figaro (~> 0.7.0)
  font-awesome-rails (~> 4.5.0.1)
  github_api (~> 0.13.1)
  google-api-client (~> 0.9.3)
  jquery-rails (~> 4.1.0)
  less-rails (~> 2.7.1)
  letter_opener (~> 1.4.1)
  newrelic_rpm (~> 3.15.0.314)
  nokogiri (>= 1.6.8)
  octokit (~> 4.0)
  omniauth-github (~> 1.1.2)
  pg (~> 0.18.4)
  phantomjs (~> 2.1.1)
  poltergeist (~> 1.9.0)
  premailer-rails (~> 1.9)
  puma (~> 2.16.0)
  quiet_assets (~> 1.1.0)
  rack-timeout (~> 0.3.2)
  rails (~> 4.2, >= 4.2.5.2)
  rails_12factor (~> 0.0.2)
  redcarpet (~> 3.3.4)
  rspec-rails (~> 3.4.2)
  sass-rails (~> 5.0.4)
  shortener (~> 0.5.5)
  shoulda-matchers (~> 3.1)
  simple_form (~> 3.2.1)
  therubyracer (~> 0.12.2)
  twitter-bootstrap-rails (>= 3.2.0)
  uglifier (>= 2.7.2)
  vcr (~> 3.0)
  web-console (~> 3.0)
  webmock (~> 2.1)
  will_paginate (~> 3.1.0)

RUBY VERSION
   ruby 2.3.0p0

BUNDLED WITH
   1.12.5
